GEM
  remote: https://rubygems.org/
  specs:
    mail (2.5.4)
      mime-types (~> 1.16)
      treetop (~> 1.4.8)
    metaclass (0.0.1)
    mime-types (1.25.1)
    mocha (0.14.0)
      metaclass (~> 0.0.1)
    polyglot (0.3.3)
    pony (1.5.1)
      mail (>= 2.0)
    thor (0.18.1)
    treetop (1.4.15)
      polyglot
      polyglot (>= 0.3.1)

PLATFORMS
  ruby

DEPENDENCIES
  mocha (~> 0.14.0)
  pony (~> 1.5.1)
  thor (~> 0.18.1)
