GEM
  remote: https://rubygems.org/
  specs:
    mail (2.7.0)
      mini_mime (>= 0.1.1)
    metaclass (0.0.1)
    mini_mime (1.0.0)
    minitest (5.11.3)
    mocha (0.14.0)
      metaclass (~> 0.0.1)
    pony (1.12)
      mail (>= 2.0)
    rake (12.3.1)
    thor (0.20.0)

PLATFORMS
  ruby

DEPENDENCIES
  minitest (~> 5.11.3)
  mocha (~> 0.14.0)
  pony (~> 1.12)
  rake
  thor (~> 0.20)

BUNDLED WITH
   1.16.1
